GEM
  remote: http://rubygems.org/
  specs:
    mini_portile (0.5.2)
    nokogiri (1.6.0-java)
      mini_portile (~> 0.5.0)
    roo (1.12.2)
      nokogiri
      rubyzip
      spreadsheet (> 0.6.4)
    ruby-ole (1.2.11.7)
    rubyzip (1.1.0)
    spreadsheet (0.9.5)
      ruby-ole (>= 1.0)

PLATFORMS
  java

DEPENDENCIES
  roo
